ObjectType = Image
NDims = 3
BinaryData = True
BinaryDataByteOrderMSB = False
CompressedData = True
CompressedDataSize = 4687774
TransformMatrix = 1 0 0 0 1 0 0 0 1
Offset = 0 0 0
CenterOfRotation = 0 0 0
ElementSpacing = 0.9375 0.9375 0.8125
DimSize = 157 157 100
AnatomicalOrientation = ???
ElementType = MET_DOUBLE
ElementDataFile = Normal_000.zraw
