ObjectType = Image
NDims = 3
BinaryData = True
BinaryDataByteOrderMSB = False
CompressedData = True
CompressedDataSize = 4252343
TransformMatrix = 1 0 0 0 1 0 0 0 1
Offset = -107.97 -107.971 0
CenterOfRotation = 0 0 0
ElementSpacing = 0.793899 0.793902 0.725577
DimSize = 272 272 208
AnatomicalOrientation = RAI
ElementType = MET_UCHAR
ElementDataFile = TEE.zraw
