ObjectType = Image
NDims = 3
BinaryData = True
BinaryDataByteOrderMSB = False
CompressedData = True
CompressedDataSize = 4543920
TransformMatrix = 1 0 0 0 1 0 0 0 1
Offset = 0 0 0
CenterOfRotation = 0 0 0
AnatomicalOrientation = RAI
ElementSpacing = 0.930064 0.943799 0.820769
DimSize = 208 224 208
ElementType = MET_DOUBLE
ElementDataFile = tissueGGamma-TTE.zraw
